GEM
  remote: http://rubygems.org/
  remote: https://rubygems.org/
  specs:
    haml (3.1.7)
    nokogiri (1.5.5)
    plist (3.1.0)
    rack (1.4.1)
    rack-protection (1.2.0)
      rack
    sanitize (2.0.3)
      nokogiri (>= 1.4.4, < 1.6)
    sequel (3.42.0)
    sinatra (1.3.3)
      rack (~> 1.3, >= 1.3.6)
      rack-protection (~> 1.2)
      tilt (~> 1.3, >= 1.3.3)
    sqlite3 (1.3.6)
    textpow (1.3.0)
      plist (>= 3.0.1)
    tilt (1.3.3)
    ultraviolet (1.0.0)
      textpow (>= 1.3.0)

PLATFORMS
  ruby

DEPENDENCIES
  haml
  sanitize
  sequel
  sinatra
  sqlite3
  ultraviolet (>= 1.0.0)
