GEM
  remote: https://rubygems.org/
  specs:
    plist (3.1.0)
    rack (1.5.2)
    rack-protection (1.5.0)
      rack
    sequel (3.45.0)
    sinatra (1.4.1)
      rack (~> 1.5, >= 1.5.2)
      rack-protection (~> 1.4)
      tilt (~> 1.3, >= 1.3.4)
    slim (1.3.6)
      temple (~> 0.5.5)
      tilt (~> 1.3.3)
    sqlite3 (1.3.7)
    temple (0.5.5)
    textpow (1.3.1)
      plist (>= 3.0.1)
    tilt (1.3.5)
    ultraviolet (1.0.0)
      textpow (>= 1.3.0)

PLATFORMS
  ruby

DEPENDENCIES
  sequel
  sinatra
  slim
  sqlite3
  ultraviolet (>= 1.0.0)
